GEM
  remote: http://rubygems.org/
  specs:
    directory_watcher (1.4.1)
    ffi (1.9.25-x64-mingw32)
    hike (1.2.3)
    mini_portile2 (2.3.0)
    multi_json (1.13.1)
    mustache (0.99.8)
    nokogiri (1.8.5-x64-mingw32)
      mini_portile2 (~> 2.3.0)
    rack (1.6.11)
    rb-fsevent (0.10.3)
    rb-inotify (0.9.10)
      ffi (>= 0.5.0, < 2)
    redcarpet (2.3.0)
    ruhoh (2.6)
      directory_watcher (~> 1.4.0)
      mustache (~> 0.99)
      nokogiri (~> 1.5)
      rack (~> 1.4)
      redcarpet (~> 2.1)
    sass (3.7.2)
      sass-listen (~> 4.0.0)
    sass-listen (4.0.0)
      rb-fsevent (~> 0.9, >= 0.9.4)
      rb-inotify (~> 0.9, >= 0.9.7)
    sprockets (2.12.5)
      hike (~> 1.2)
      multi_json (~> 1.0)
      rack (~> 1.0)
      tilt (~> 1.1, != 1.3.0)
    tilt (1.4.1)

PLATFORMS
  x64-mingw32

DEPENDENCIES
  nokogiri (~> 1.8.2)
  redcarpet (~> 2.3.0)
  ruhoh (~> 2.6)
  sass
  sprockets (~> 2.8)

BUNDLED WITH
   1.11.2
