GEM
  remote: http://rubygems.org/
  specs:
    directory_watcher (1.4.1)
    hike (1.2.3)
    mini_portile2 (2.1.0)
    multi_json (1.12.1)
    mustache (0.99.8)
    nokogiri (1.6.8.1-x64-mingw32)
      mini_portile2 (~> 2.1.0)
    rack (1.6.4)
    redcarpet (2.3.0)
    ruhoh (2.6)
      directory_watcher (~> 1.4.0)
      mustache (~> 0.99)
      nokogiri (~> 1.5)
      rack (~> 1.4)
      redcarpet (~> 2.1)
    sass (3.4.22)
    sprockets (2.12.4)
      hike (~> 1.2)
      multi_json (~> 1.0)
      rack (~> 1.0)
      tilt (~> 1.1, != 1.3.0)
    tilt (1.4.1)

PLATFORMS
  x64-mingw32

DEPENDENCIES
  nokogiri (~> 1.6.5)
  ruhoh (~> 2.6)
  sass
  sprockets (~> 2.8)

BUNDLED WITH
   1.11.2
